PATH
  remote: .
  specs:
    ios-sim-test (0.0.1)
      claide (>= 0.2)
      colored (~> 1.2)

GEM
  remote: http://rubygems.org/
  specs:
    bacon (1.2.0)
    claide (0.2.0)
    colored (1.2)
    metaclass (0.0.1)
    mocha (0.13.2)
      metaclass (~> 0.0.1)
    mocha-on-bacon (0.2.2)
      mocha (>= 0.13.0)

PLATFORMS
  ruby

DEPENDENCIES
  bacon
  ios-sim-test!
  mocha
  mocha-on-bacon
