GIT
  remote: git@github.com:alloy/mocha-on-bacon.git
  revision: 2404c3a2022c40b1a5a1d66cb1667c51ea297499
  specs:
    mocha-on-bacon (0.2.2)
      mocha (>= 0.13.0)

PATH
  remote: .
  specs:
    ios-sim-test (0.0.1)

GEM
  remote: http://rubygems.org/
  specs:
    bacon (1.2.0)
    metaclass (0.0.1)
    mocha (0.13.2)
      metaclass (~> 0.0.1)

PLATFORMS
  ruby

DEPENDENCIES
  bacon
  ios-sim-test!
  mocha
  mocha-on-bacon!
